GEM
  remote: https://rubygems.org/
  specs:
    ansi (1.4.3)
    capybara (2.1.0)
      mime-types (>= 1.16)
      nokogiri (>= 1.3.3)
      rack (>= 1.0.0)
      rack-test (>= 0.5.4)
      xpath (~> 2.0)
    childprocess (0.3.9)
      ffi (~> 1.0, >= 1.0.11)
    coderay (1.0.8)
    ffi (1.7.0)
    listen (0.5.1)
    method_source (0.8.1)
    mime-types (1.22)
    minitest (3.4.0)
    multi_json (1.7.2)
    nokogiri (1.5.9)
    pry (0.9.10)
      coderay (~> 1.0.5)
      method_source (~> 0.8)
      slop (~> 3.3.1)
    rack (1.5.2)
    rack-test (0.6.2)
      rack (>= 1.0)
    rake (10.0.3)
    rb-fsevent (0.9.2)
    rubyzip (0.9.9)
    selenium-webdriver (2.32.1)
      childprocess (>= 0.2.5)
      multi_json (~> 1.0)
      rubyzip
      websocket (~> 1.0.4)
    slop (3.3.3)
    tconsole (1.2.6)
      minitest (~> 3.4.0)
      term-ansicolor (~> 1.0.7)
    term-ansicolor (1.0.7)
    turn (0.9.6)
      ansi
    websocket (1.0.7)
    wist (0.1.1)
      capybara
      selenium-webdriver
    xpath (2.0.0)
      nokogiri (~> 1.3)

PLATFORMS
  ruby

DEPENDENCIES
  capybara (= 2.1.0)
  listen (= 0.5.1)
  minitest (= 3.4.0)
  pry
  rake (~> 10.0.3)
  rb-fsevent (= 0.9.2)
  tconsole
  turn (= 0.9.6)
  wist (= 0.1.1)
